PATH
  remote: .
  specs:
    prism-cli (0.0.9)

GEM
  remote: https://rubygems.org/
  specs:
    wasm (0.0.2)

PLATFORMS
  ruby

DEPENDENCIES
  prism-cli!
  wasm

BUNDLED WITH
   2.0.2
